GIT
  remote: git://github.com/mmz-srf/hiera-puppet-helper.git
  revision: 6f43f7a0cdba69161b70ee61f525a8579ac5069b
  specs:
    hiera-puppet-helper (2.0.1)

GEM
  remote: https://rubygems.org/
  specs:
    CFPropertyList (2.2.7)
    coderay (1.1.0)
    diff-lcs (1.2.5)
    metaclass (0.0.2)
    method_source (0.8.2)
    mocha (1.0.0)
      metaclass (~> 0.0.1)
    pry (0.9.12.6)
      coderay (~> 1.0)
      method_source (~> 0.8)
      slop (~> 3.4)
    puppet-lint (0.3.2)
    puppetlabs_spec_helper (0.4.1)
      mocha (>= 0.10.5)
      rake
      rspec (>= 2.9.0)
      rspec-puppet (>= 0.1.1)
    rake (10.1.1)
    rspec (2.14.1)
      rspec-core (~> 2.14.0)
      rspec-expectations (~> 2.14.0)
      rspec-mocks (~> 2.14.0)
    rspec-core (2.14.7)
    rspec-expectations (2.14.5)
      diff-lcs (>= 1.1.3, < 2.0)
    rspec-mocks (2.14.5)
    rspec-puppet (1.0.1)
      rspec
    slop (3.5.0)
    sqlite3 (1.3.7)

PLATFORMS
  ruby

DEPENDENCIES
  CFPropertyList (>= 2.2.7)
  hiera-puppet-helper!
  pry (>= 0.9.12.6)
  puppet-lint (>= 0.3.2)
  puppetlabs_spec_helper (>= 0.4.1)
  sqlite3 (>= 1.3.7)
