GIT
  remote: git://github.com/mmz-srf/hiera-puppet-helper.git
  revision: 6f43f7a0cdba69161b70ee61f525a8579ac5069b
  specs:
    hiera-puppet-helper (2.0.1)

GEM
  remote: https://rubygems.org/
  specs:
    CFPropertyList (2.2.8)
    coderay (1.1.0)
    diff-lcs (1.2.5)
    metaclass (0.0.4)
    method_source (0.8.2)
    mocha (1.1.0)
      metaclass (~> 0.0.1)
    pry (0.10.0)
      coderay (~> 1.1.0)
      method_source (~> 0.8.1)
      slop (~> 3.4)
    puppet-lint (0.3.2)
    puppetlabs_spec_helper (0.6.0)
      mocha
      puppet-lint
      rake
      rspec
      rspec-puppet
    rake (10.3.2)
    rspec (3.0.0)
      rspec-core (~> 3.0.0)
      rspec-expectations (~> 3.0.0)
      rspec-mocks (~> 3.0.0)
    rspec-core (3.0.2)
      rspec-support (~> 3.0.0)
    rspec-expectations (3.0.2)
      diff-lcs (>= 1.2.0, < 2.0)
      rspec-support (~> 3.0.0)
    rspec-mocks (3.0.2)
      rspec-support (~> 3.0.0)
    rspec-puppet (1.0.1)
      rspec
    rspec-support (3.0.2)
    slop (3.5.0)
    sqlite3 (1.3.9)

PLATFORMS
  ruby

DEPENDENCIES
  CFPropertyList (>= 2.2.7)
  hiera-puppet-helper!
  pry (>= 0.9.12.6)
  puppet-lint (>= 0.3.2)
  puppetlabs_spec_helper (>= 0.4.1)
  sqlite3 (>= 1.3.7)
